PATH
  remote: .
  specs:
    always_execute (0.1.0)
      always_execute
      shoulda

GEM
  remote: http://rubygems.org/
  specs:
    diff-lcs (1.1.3)
    git (1.2.5)
    jeweler (1.6.4)
      bundler (~> 1.0)
      git (>= 1.2.5)
      rake
    minitest (2.12.1)
    mocha (0.9.8)
      rake
    rake (0.9.2.2)
    rcov (0.9.9)
    rspec (2.11.0)
      rspec-core (~> 2.11.0)
      rspec-expectations (~> 2.11.0)
      rspec-mocks (~> 2.11.0)
    rspec-core (2.11.1)
    rspec-expectations (2.11.2)
      diff-lcs (~> 1.1.3)
    rspec-mocks (2.11.1)
    shared_should (0.8.3)
      shoulda
    shoulda (2.11.3)

PLATFORMS
  ruby

DEPENDENCIES
  always_execute!
  bundler (>= 1.0.0)
  jeweler (>= 1.5.2)
  minitest (>= 2.12.1)
  mocha
  rcov
  rspec (>= 2.9.0)
  shared_should (>= 0.8.3)
  shoulda (>= 2.11.3)
