PATH
  remote: .
  specs:
    always_execute (0.1.1)

GEM
  remote: http://rubygems.org/
  specs:
    diff-lcs (1.1.3)
    minitest (2.12.1)
    mocha (0.9.8)
      rake
    rake (0.9.2.2)
    rspec (2.9.0)
      rspec-core (~> 2.9.0)
      rspec-expectations (~> 2.9.0)
      rspec-mocks (~> 2.9.0)
    rspec-core (2.9.0)
    rspec-expectations (2.9.1)
      diff-lcs (~> 1.1.3)
    rspec-mocks (2.9.0)
    shared_should (0.8.3)
      shoulda
    shoulda (2.11.3)

PLATFORMS
  ruby

DEPENDENCIES
  always_execute!
  minitest (~> 2.12.1)
  mocha (~> 0)
  rspec (~> 2.9.0)
  shared_should (~> 0.8.3)
  shoulda (~> 2.11.3)
