GEM
  remote: http://rubygems.org/
  specs:
    git (1.2.5)
    jeweler (1.5.2)
      bundler (~> 1.0.0)
      git (>= 1.2.5)
      rake
    mocha (0.9.8)
      rake
    rake (0.8.7)
    rcov (0.9.9)
    shared_should (0.8.1)
      shoulda
    shoulda (2.10.3)

PLATFORMS
  ruby

DEPENDENCIES
  bundler (~> 1.0.0)
  jeweler (~> 1.5.2)
  mocha
  rcov
  shared_should
  shoulda
