PATH
  remote: .
  specs:
    always_execute (0.2.3)

GEM
  remote: http://rubygems.org/
  specs:
    activesupport (3.2.8)
      i18n (~> 0.6)
      multi_json (~> 1.0)
    concurrent-ruby (1.1.5)
    diff-lcs (1.1.3)
    i18n (0.9.5)
      concurrent-ruby (~> 1.0)
    metaclass (0.0.1)
    minitest (2.12.1)
    mocha (0.12.6)
      metaclass (~> 0.0.1)
    multi_json (1.3.6)
    rspec (2.9.0)
      rspec-core (~> 2.9.0)
      rspec-expectations (~> 2.9.0)
      rspec-mocks (~> 2.9.0)
    rspec-core (2.9.0)
    rspec-expectations (2.9.1)
      diff-lcs (~> 1.1.3)
    rspec-mocks (2.9.0)
    shared_should (0.9.0)
      shoulda
    shoulda (3.1.1)
      shoulda-context (~> 1.0)
      shoulda-matchers (~> 1.2)
    shoulda-context (1.0.0)
    shoulda-matchers (1.3.0)
      activesupport (>= 3.0.0)

PLATFORMS
  ruby

DEPENDENCIES
  always_execute!
  minitest (~> 2.12.1)
  mocha (~> 0)
  rspec (~> 2.9.0)
  shared_should (~> 0.9.0)
  shoulda (= 3.1.1)
